GEM
  remote: https://rubygems.org/
  specs:
    activesupport (5.1.5)
      concurrent-ruby (~> 1.0, >= 1.0.2)
      i18n (~> 0.7)
      minitest (~> 5.1)
      tzinfo (~> 1.1)
    ansi (1.5.0)
    arkrb (0.6.0)
      colorize (~> 0.8.1)
      oga (~> 2.14)
      thor (~> 0.20.0)
      yard (~> 0.9.12)
    ast (2.4.0)
    axiom-types (0.1.1)
      descendants_tracker (~> 0.0.4)
      ice_nine (~> 0.11.0)
      thread_safe (~> 0.3, >= 0.3.1)
    builder (3.2.3)
    coercible (1.0.0)
      descendants_tracker (~> 0.0.1)
    colorize (0.8.1)
    concurrent-ruby (1.0.5)
    dalli (2.7.6)
    descendants_tracker (0.0.4)
      thread_safe (~> 0.3, >= 0.3.1)
    equalizer (0.0.11)
    et-orbi (1.0.9)
      tzinfo
    grape (1.0.2)
      activesupport
      builder
      mustermann-grape (~> 1.0.0)
      rack (>= 1.3.0)
      rack-accept
      virtus (>= 1.0.0)
    haml (5.0.4)
      temple (>= 0.8.0)
      tilt
    highline (1.7.10)
    i18n (0.9.5)
      concurrent-ruby (~> 1.0)
    ice_nine (0.11.2)
    kgio (2.11.2)
    minitest (5.11.3)
    mustermann (1.0.2)
    mustermann-grape (1.0.0)
      mustermann (~> 1.0.0)
    oga (2.14)
      ast
      ruby-ll (~> 2.1)
    oj (3.5.0)
    rack (2.0.5)
    rack-accept (0.4.5)
      rack (>= 0.4)
    rack-protection (2.0.3)
      rack
    raindrops (0.19.0)
    rake (12.3.0)
    ruby-ll (2.1.2)
      ansi
      ast
    rufus-scheduler (3.4.2)
      et-orbi (~> 1.0)
    sinatra (2.0.3)
      mustermann (~> 1.0)
      rack (~> 2.0)
      rack-protection (= 2.0.3)
      tilt (~> 2.0)
    temple (0.8.0)
    thor (0.20.0)
    thread_safe (0.3.6)
    tilt (2.0.8)
    trollop (2.1.2)
    tzinfo (1.2.5)
      thread_safe (~> 0.1)
    tzinfo-data (1.2018.3)
      tzinfo (>= 1.0.0)
    unicorn (5.4.0)
      kgio (~> 2.6)
      raindrops (~> 0.7)
    virtus (1.0.5)
      axiom-types (~> 0.1)
      coercible (~> 1.0)
      descendants_tracker (~> 0.0, >= 0.0.3)
      equalizer (~> 0.0, >= 0.0.9)
    yard (0.9.12)

PLATFORMS
  ruby

DEPENDENCIES
  arkrb (~> 0.6.0)
  dalli
  grape
  haml
  highline
  oga
  oj
  rack
  rake
  rufus-scheduler
  sinatra (>= 2.0.2)
  trollop
  tzinfo-data
  unicorn

RUBY VERSION
   ruby 2.3.6p384

BUNDLED WITH
   1.16.1
